GEM
  remote: https://rubygems.org/
  specs:
    faraday (0.15.4)
      multipart-post (>= 1.2, < 3)
    hashie (3.6.0)
    jwt (2.1.0)
    multi_json (1.13.1)
    multi_xml (0.6.0)
    multipart-post (2.0.0)
    oauth (0.5.4)
    oauth2 (1.4.1)
      faraday (>= 0.8, < 0.16.0)
      jwt (>= 1.0, < 3.0)
      multi_json (~> 1.3)
      multi_xml (~> 0.5)
      rack (>= 1.2, < 3)
    omniauth (1.9.0)
      hashie (>= 3.4.6, < 3.7.0)
      rack (>= 1.6.2, < 3)
    omniauth-facebook (5.0.0)
      omniauth-oauth2 (~> 1.2)
    omniauth-github (1.3.0)
      omniauth (~> 1.5)
      omniauth-oauth2 (>= 1.4.0, < 2.0)
    omniauth-google-oauth2 (0.6.1)
      jwt (>= 2.0)
      omniauth (>= 1.1.1)
      omniauth-oauth2 (>= 1.5)
    omniauth-oauth (1.1.0)
      oauth
      omniauth (~> 1.0)
    omniauth-oauth2 (1.6.0)
      oauth2 (~> 1.1)
      omniauth (~> 1.9)
    omniauth-twitter (1.4.0)
      omniauth-oauth (~> 1.1)
      rack
<<<<<<< HEAD
    rack (2.0.6)
=======
    rack (2.0.7)
>>>>>>> 768900cebc3fdac72731c5412df1588cbb1eae10

PLATFORMS
  ruby

DEPENDENCIES
<<<<<<< HEAD
  omniauth (~> 1.9)
  omniauth-facebook (~> 5.0)
  omniauth-github (~> 1.3)
  omniauth-google-oauth2 (~> 0.6.1)
  omniauth-oauth2 (~> 1.6)
  omniauth-twitter (~> 1.4)
=======
  omniauth
  omniauth-facebook
  omniauth-github
  omniauth-google-oauth2
  omniauth-oauth2
  omniauth-twitter
>>>>>>> 768900cebc3fdac72731c5412df1588cbb1eae10

BUNDLED WITH
   1.17.3
